GEM
  remote: https://rubygems.org/
  specs:
    addressable (2.3.5)
    arr-pm (0.0.8)
      cabin (> 0)
    backports (3.3.5)
    cabin (0.6.1)
    childprocess (0.3.9)
      ffi (~> 1.0, >= 1.0.11)
    clamp (0.6.1)
    facter (1.7.3)
    ffi (1.9.0)
    fpm (0.4.42)
      arr-pm (~> 0.0.8)
      backports (>= 2.6.2)
      cabin (>= 0.6.0)
      childprocess
      clamp (~> 0.6)
      ftw (~> 0.0.30)
      json (>= 1.7.7)
    fpm-cookery (0.16.2)
      addressable
      facter
      fpm (~> 0.4)
      puppet
      systemu
    ftw (0.0.36)
      addressable
      backports (>= 2.6.2)
      cabin (> 0)
      http_parser.rb (= 0.5.3)
    hiera (1.2.1)
      json_pure
    http_parser.rb (0.5.3)
    json (1.8.1)
    json_pure (1.8.1)
    puppet (3.3.1)
      facter (~> 1.6)
      hiera (~> 1.0)
      rgen (~> 0.6.5)
    rgen (0.6.6)
    systemu (2.5.2)

PLATFORMS
  ruby

DEPENDENCIES
  fpm-cookery (= 0.16.2)
